PATH
  remote: .
  specs:
    oslatex (0.1.0)
      colorize (~> 0.7)
      nokogiri (~> 1.6)
      rubyzip (>= 1.1, < 3.0)

GEM
  remote: https://rubygems.org/
  specs:
    coderay (1.1.3)
    colorize (0.8.1)
    method_source (1.0.0)
    mini_portile2 (2.8.0)
    nokogiri (1.13.4)
      mini_portile2 (~> 2.8.0)
      racc (~> 1.4)
    pry (0.14.1)
      coderay (~> 1.1)
      method_source (~> 1.0)
    racc (1.6.0)
    rubyzip (2.3.0)

PLATFORMS
  ruby

DEPENDENCIES
  bundler
  oslatex!
  pry (~> 0.10)

BUNDLED WITH
   2.2.18
